GEM
  remote: https://rubygems.org/
  specs:
    faraday (0.8.7)
      multipart-post (~> 1.1)
    json (1.8.0)
    multi_json (1.7.7)
    multipart-post (1.2.0)
    nokogiri (1.5.10)
    sequel (4.0.0)
    simple_oauth (0.2.0)
    sqlite3 (1.3.7)
    twitter (4.8.1)
      faraday (~> 0.8, < 0.10)
      multi_json (~> 1.0)
      simple_oauth (~> 0.2)

PLATFORMS
  ruby

DEPENDENCIES
  json
  nokogiri (~> 1.5.10)
  sequel
  sqlite3
  twitter
